GEM
  remote: https://rubygems.org/
  specs:
    cuba (3.1.0)
      rack
    cuhaml-contrib (0.0.2)
      haml (~> 4.0.0)
    dotenv (0.9.0)
    ffi (1.9.3)
    geoip-c (0.9.1)
    haml (4.0.4)
      tilt
    listen (1.0.3)
      rb-fsevent (>= 0.9.3)
      rb-inotify (>= 0.9)
      rb-kqueue (>= 0.2)
    pg (0.17.0)
    puma (2.7.1)
      rack (>= 1.1, < 2.0)
    rack (1.5.2)
    rb-fsevent (0.9.3)
    rb-inotify (0.9.2)
      ffi (>= 0.5.0)
    rb-kqueue (0.2.0)
      ffi (>= 0.5.0)
    rerun (0.8.2)
      listen (~> 1.0.3)
    sequel (4.5.0)
    tilt (2.0.0)

PLATFORMS
  ruby

DEPENDENCIES
  cuba
  cuhaml-contrib
  dotenv
  geoip-c
  pg
  puma
  rerun
  sequel
